GEM
  remote: https://rubygems.org/
  specs:
    addressable (2.7.0)
      public_suffix (>= 2.0.2, < 5.0)
    ansi (1.5.0)
    ast (2.4.2)
    beaker (4.26.0)
      beaker-hostgenerator
      hocon (~> 1.0)
      in-parallel (~> 0.1)
      inifile (~> 3.0)
      minitar (~> 0.6)
      minitest (~> 5.4)
      net-scp (~> 1.2)
      net-ssh (>= 5.0)
      open_uri_redirections (~> 0.2.1)
      pry-byebug (~> 3.6)
      rb-readline (~> 0.5.3)
      rsync (~> 1.0.9)
      stringify-hash (~> 0.0)
      thor (>= 1.0.1, < 2.0)
    beaker-abs (0.8.1)
      beaker (~> 4.0)
      vmfloaty (>= 1.0, < 1.2)
    beaker-answers (0.29.0)
      hocon (~> 1.0)
      require_all (>= 1.3.2, < 3.1.0)
      stringify-hash (~> 0.0.0)
    beaker-docker (0.8.4)
      docker-api (~> 2.1)
      stringify-hash (~> 0.0.0)
    beaker-hostgenerator (1.4.0)
      deep_merge (~> 1.0)
      stringify-hash (~> 0.0.0)
    beaker-pe (2.11.13)
      beaker (~> 4.0)
      beaker-abs
      beaker-answers (~> 0.0)
      beaker-puppet (~> 1.0)
      beaker-vmpooler (~> 1.0)
      stringify-hash (~> 0.0.0)
    beaker-puppet (1.21.0)
      beaker (~> 4.1)
      in-parallel (~> 0.1)
      oga
      stringify-hash (~> 0.0.0)
    beaker-puppet_install_helper (0.9.8)
      beaker (~> 4.0)
      beaker-pe (~> 2.0)
    beaker-rspec (6.3.0)
      beaker (> 3.0)
      beaker-pe
      rspec (~> 3.0)
      serverspec (~> 2)
      specinfra (~> 2)
    beaker-vagrant (0.7.1)
    beaker-vmpooler (1.3.3)
      stringify-hash (~> 0.0.0)
    byebug (11.1.3)
    childprocess (0.7.1)
      ffi (~> 1.0, >= 1.0.11)
    coderay (1.1.3)
    colored2 (3.1.2)
    colorize (0.8.1)
    commander (4.5.2)
      highline (~> 2.0.0)
    concurrent-ruby (1.1.9)
    cri (2.15.11)
    deep_merge (1.2.1)
    diff-lcs (1.3)
    docker-api (2.1.0)
      excon (>= 0.47.0)
      multi_json
    domain_name (0.5.20190701)
      unf (>= 0.0.5, < 1.0.0)
    excon (0.82.0)
    facter (2.5.7)
    facterdb (1.6.0)
      facter (< 5.0.0)
      jgrep
    faraday (0.17.4)
      multipart-post (>= 1.2, < 3)
    faraday_middleware (0.14.0)
      faraday (>= 0.7.4, < 1.0)
    fast_gettext (1.1.2)
    ffi (1.15.1)
    gettext (3.2.9)
      locale (>= 2.0.5)
      text (>= 1.3.0)
    gettext-setup (0.34)
      fast_gettext (~> 1.1.0)
      gettext (>= 3.0.2, < 3.3.0)
      locale
    hiera (3.7.0)
    hiera-puppet-helper (1.0.1)
    highline (2.0.3)
    hitimes (1.3.0)
    hocon (1.3.1)
    http-cookie (1.0.4)
      domain_name (~> 0.5)
    httpclient (2.8.3)
    in-parallel (0.1.17)
    inifile (3.0.0)
    jgrep (1.5.4)
    json (2.5.1)
    json-schema (2.8.0)
      addressable (>= 2.4)
    json_pure (2.1.0)
    locale (2.1.3)
    log4r (1.1.10)
    metadata-json-lint (3.0.0)
      json-schema (~> 2.8)
      spdx-licenses (~> 1.0)
    method_source (1.0.0)
    mime-types (2.99.3)
    minitar (0.9)
    minitest (5.14.4)
    mocha (1.12.0)
    multi_json (1.15.0)
    multipart-post (2.1.1)
    net-scp (1.2.1)
      net-ssh (>= 2.6.5)
    net-ssh (6.1.0)
    net-telnet (0.1.1)
    netrc (0.11.0)
    nokogiri (1.11.7-x86_64-linux)
      racc (~> 1.4)
    oga (3.3)
      ast
      ruby-ll (~> 2.1)
    open_uri_redirections (0.2.1)
    pager (1.0.1)
    parallel (1.20.1)
    parallel_tests (2.24.0)
      parallel
    pastel (0.8.0)
      tty-color (~> 0.5)
    pathspec (0.2.1)
    pdk (2.1.0)
      bundler (>= 1.15.0, < 3.0.0)
      childprocess (~> 0.7.1)
      concurrent-ruby (~> 1.1.5)
      cri (~> 2.10)
      deep_merge (~> 1.1)
      diff-lcs (= 1.3)
      facter (>= 2.5.1, < 5.0.0)
      ffi (>= 1.9.25, < 2.0.0)
      gettext-setup (~> 0.24)
      hitimes (= 1.3.0)
      httpclient (~> 2.8.3)
      json-schema (= 2.8.0)
      json_pure (~> 2.1.0)
      minitar (~> 0.6)
      pathspec (~> 0.2.1)
      tty-prompt (~> 0.22)
      tty-spinner (~> 0.5)
      tty-which (~> 0.3)
    pry (0.14.1)
      coderay (~> 1.1)
      method_source (~> 1.0)
    pry-byebug (3.8.0)
      byebug (~> 11.0)
      pry (~> 0.10)
    pry-doc (1.1.0)
      pry (~> 0.11)
      yard (~> 0.9.11)
    public_suffix (4.0.6)
    puppet (6.22.1)
      concurrent-ruby (~> 1.0)
      deep_merge (~> 1.0)
      facter (> 2.0.1, < 5)
      fast_gettext (~> 1.1)
      hiera (>= 3.2.1, < 4)
      httpclient (~> 2.8)
      locale (~> 2.1)
      multi_json (~> 1.10)
      puppet-resource_api (~> 1.5)
      semantic_puppet (~> 1.0)
    puppet-blacksmith (3.4.0)
      puppet (>= 2.7.16)
      rest-client (~> 1.8.0)
    puppet-lint (2.4.2)
    puppet-lint-empty_string-check (0.2.2)
      puppet-lint (>= 1.0, < 3.0)
    puppet-lint-trailing_comma-check (0.4.2)
      puppet-lint (>= 1.0, < 3.0)
    puppet-resource_api (1.8.14)
      hocon (>= 1.0)
    puppet-strings (2.7.0)
      rgen
      yard (~> 0.9.5)
    puppet-syntax (3.1.0)
      puppet (>= 5)
      rake
    puppet_forge (2.3.4)
      faraday (>= 0.9.0, < 0.18.0, != 0.13.1)
      faraday_middleware (>= 0.9.0, < 0.15.0)
      gettext-setup (~> 0.11)
      minitar
      semantic_puppet (~> 1.0)
    puppetlabs_spec_helper (2.16.0)
      mocha (~> 1.0)
      pathspec (>= 0.2.1, < 1.1.0)
      puppet-lint (~> 2.0)
      puppet-syntax (>= 2.0, < 4)
      rspec-puppet (~> 2.0)
    r10k (3.8.0)
      colored2 (= 3.1.2)
      cri (>= 2.15.10, < 3.0.0)
      fast_gettext (~> 1.1.0)
      gettext (>= 3.0.2, < 3.3.0)
      gettext-setup (~> 0.24)
      log4r (= 1.1.10)
      multi_json (~> 1.10)
      puppet_forge (~> 2.3.0)
    racc (1.5.2)
    rake (12.3.3)
    rb-readline (0.5.5)
    require_all (3.0.0)
    rest-client (1.8.0)
      http-cookie (>= 1.0.2, < 2.0)
      mime-types (>= 1.16, < 3.0)
      netrc (~> 0.7)
    rgen (0.8.2)
    rspec (3.10.0)
      rspec-core (~> 3.10.0)
      rspec-expectations (~> 3.10.0)
      rspec-mocks (~> 3.10.0)
    rspec-core (3.10.1)
      rspec-support (~> 3.10.0)
    rspec-expectations (3.10.1)
      diff-lcs (>= 1.2.0, < 2.0)
      rspec-support (~> 3.10.0)
    rspec-its (1.3.0)
      rspec-core (>= 3.0.0)
      rspec-expectations (>= 3.0.0)
    rspec-mocks (3.10.2)
      diff-lcs (>= 1.2.0, < 2.0)
      rspec-support (~> 3.10.0)
    rspec-puppet (2.9.0)
      rspec
    rspec-puppet-facts (2.0.1)
      facter
      facterdb (>= 0.5.0)
      puppet
    rspec-support (3.10.2)
    rsync (1.0.9)
    ruby-ll (2.1.2)
      ansi
      ast
    ruby-progressbar (1.11.0)
    semantic_puppet (1.0.4)
    serverspec (2.41.5)
      multi_json
      rspec (~> 3.0)
      rspec-its
      specinfra (~> 2.72)
    sfl (2.3)
    simp-beaker-helpers (1.23.2)
      beaker (>= 4.17.0, < 5.0.0)
      beaker-docker (>= 0.8.3, < 2.0.0)
      beaker-puppet (>= 1.18.14, < 2.0.0)
      beaker-puppet_install_helper (~> 0.9)
      beaker-rspec (~> 6.2)
      beaker-vagrant (>= 0.6.4, < 2.0.0)
      docker-api (>= 2.1.0, < 3.0.0)
      highline (~> 2.0)
      net-telnet (~> 0.1.1)
      nokogiri (~> 1.8)
    simp-rake-helpers (5.12.1)
      bundler (>= 1.14, < 3.0)
      pager (~> 1.0)
      parallel (~> 1.0)
      parallel_tests (> 2.4, < 2.25)
      puppet (>= 3.0, < 8.0)
      puppet-blacksmith (~> 3.3)
      puppet-lint (>= 1.0, < 3.0)
      puppetlabs_spec_helper (~> 2.0)
      r10k (>= 2.2, < 4.0)
      rake (>= 10.0, < 13.0)
      ruby-progressbar (~> 1.0)
      simp-beaker-helpers (~> 1.11)
      simp-rspec-puppet-facts (>= 2.4.1, < 4.0)
    simp-rspec-puppet-facts (3.2.0)
      facter (>= 2.5.0, < 3.0)
      json (>= 1.0)
      rspec-puppet-facts
    spdx-licenses (1.3.0)
    specinfra (2.82.25)
      net-scp
      net-ssh (>= 2.7)
      net-telnet (= 0.1.1)
      sfl
    stringify-hash (0.0.2)
    text (1.3.1)
    thor (1.1.0)
    tty-color (0.6.0)
    tty-cursor (0.7.1)
    tty-prompt (0.23.1)
      pastel (~> 0.8)
      tty-reader (~> 0.8)
    tty-reader (0.9.0)
      tty-cursor (~> 0.7)
      tty-screen (~> 0.8)
      wisper (~> 2.0)
    tty-screen (0.8.1)
    tty-spinner (0.9.3)
      tty-cursor (~> 0.7)
    tty-which (0.4.2)
    unf (0.1.4)
      unf_ext
    unf_ext (0.0.7.7)
    vmfloaty (1.1.1)
      colorize (~> 0.8.1)
      commander (>= 4.4.3, < 4.6.0)
      faraday (~> 0.17.0)
    wisper (2.0.1)
    yard (0.9.26)

PLATFORMS
  x86_64-linux

DEPENDENCIES
  beaker
  beaker-rspec
  hiera-puppet-helper
  metadata-json-lint
  pdk (~> 2.0)
  pry
  pry-byebug
  pry-doc
  puppet (~> 6.18)
  puppet-lint-empty_string-check
  puppet-lint-trailing_comma-check
  puppet-strings
  puppetlabs_spec_helper
  rake
  rspec
  rspec-puppet
  simp-beaker-helpers (>= 1.23.2, < 2)
  simp-rake-helpers (>= 5.12.1, < 6)
  simp-rspec-puppet-facts (~> 3.1)

BUNDLED WITH
   2.2.17
